GEM
  remote: https://rubygems.org/
  specs:
    json (2.6.3)

PLATFORMS
  x86_64-linux

DEPENDENCIES
  manageiq-api-client

BUNDLED WITH
   2.4.10
